GEM
  remote: https://rubygems.org/
  specs:
    aws-s3 (0.6.3)
      builder
      mime-types
      xml-simple
    builder (3.2.2)
    diff-lcs (1.2.5)
    dotenv (0.10.0)
    mime-types (2.2)
    rake (10.1.1)
    rspec (2.14.1)
      rspec-core (~> 2.14.0)
      rspec-expectations (~> 2.14.0)
      rspec-mocks (~> 2.14.0)
    rspec-core (2.14.8)
    rspec-expectations (2.14.5)
      diff-lcs (>= 1.1.3, < 2.0)
    rspec-mocks (2.14.6)
    xml-simple (1.1.3)

PLATFORMS
  ruby

DEPENDENCIES
  aws-s3
  dotenv
  rake
  rspec
